GEM
  remote: https://rubygems.org/
  specs:
    activemodel (4.2.6)
      activesupport (= 4.2.6)
      builder (~> 3.1)
    activerecord (4.2.6)
      activemodel (= 4.2.6)
      activesupport (= 4.2.6)
      arel (~> 6.0)
    activesupport (4.2.6)
      i18n (~> 0.7)
      json (~> 1.7, >= 1.7.7)
      minitest (~> 5.1)
      thread_safe (~> 0.3, >= 0.3.4)
      tzinfo (~> 1.1)
    addressable (2.4.0)
    arel (6.0.3)
    bcrypt (3.1.11)
    bond (0.5.1)
    builder (3.2.2)
    capybara (2.7.0)
      addressable
      mime-types (>= 1.16)
      nokogiri (>= 1.3.3)
      rack (>= 1.0.0)
      rack-test (>= 0.5.4)
      xpath (~> 2.0)
    childprocess (0.5.9)
      ffi (~> 1.0, >= 1.0.11)
    chronic (0.10.2)
    daemons (1.2.3)
    database_cleaner (1.5.1)
    diff-lcs (1.2.5)
    dotenv (2.1.1)
    eventmachine (1.2.0.1)
    ffi (1.9.10)
    i18n (0.7.0)
    json (1.8.3)
    mime-types (3.0)
      mime-types-data (~> 3.2015)
    mime-types-data (3.2016.0221)
    mini_portile2 (2.0.0)
    minitest (5.8.4)
    nokogiri (1.6.7.2)
      mini_portile2 (~> 2.0.0.rc2)
    pg (0.18.4)
    puma (3.4.0)
    rack (1.6.4)
    rack-protection (1.5.3)
      rack
    rack-test (0.6.3)
      rack (>= 1.0)
    rake (11.1.2)
    ripl (0.7.1)
      bond (~> 0.5.1)
    ripl-multi_line (0.3.1)
      ripl (>= 0.3.6)
    ripl-rack (0.2.1)
      rack (>= 1.0)
      rack-test (~> 0.6.2)
      ripl (>= 0.7.0)
    rspec (3.4.0)
      rspec-core (~> 3.4.0)
      rspec-expectations (~> 3.4.0)
      rspec-mocks (~> 3.4.0)
    rspec-core (3.4.4)
      rspec-support (~> 3.4.0)
    rspec-expectations (3.4.0)
      diff-lcs (>= 1.2.0, < 2.0)
      rspec-support (~> 3.4.0)
    rspec-mocks (3.4.1)
      diff-lcs (>= 1.2.0, < 2.0)
      rspec-support (~> 3.4.0)
    rspec-support (3.4.1)
    rubyzip (1.2.0)
    selenium-webdriver (2.53.0)
      childprocess (~> 0.5)
      rubyzip (~> 1.0)
      websocket (~> 1.0)
    shotgun (0.9.1)
      rack (>= 1.0)
    sinatra (1.4.7)
      rack (~> 1.5)
      rack-protection (~> 1.4)
      tilt (>= 1.3, < 3)
    sinatra-activerecord (2.0.9)
      activerecord (>= 3.2)
      sinatra (~> 1.0)
    sqlite3 (1.3.11)
    thin (1.6.4)
      daemons (~> 1.0, >= 1.0.9)
      eventmachine (~> 1.0, >= 1.0.4)
      rack (~> 1.0)
    thread_safe (0.3.5)
    tilt (2.0.2)
    tux (0.3.0)
      ripl (>= 0.3.5)
      ripl-multi_line (>= 0.2.4)
      ripl-rack (>= 0.2.0)
      sinatra (>= 1.2.1)
    tzinfo (1.2.2)
      thread_safe (~> 0.1)
    websocket (1.2.3)
    xpath (2.0.0)
      nokogiri (~> 1.3)

PLATFORMS
  ruby

DEPENDENCIES
  activerecord
  bcrypt (~> 3.1.2)
  capybara
  chronic
  database_cleaner
  dotenv
  pg
  puma
  rack-test
  rake
  rspec
  selenium-webdriver
  shotgun
  sinatra
  sinatra-activerecord
  sqlite3
  thin
  tux

BUNDLED WITH
   1.11.2
